GEM
  remote: https://rubygems.org/
  specs:
    cinch (2.3.4)
    httparty (0.16.2)
      multi_xml (>= 0.5.2)
    multi_xml (0.6.0)

PLATFORMS
  ruby
  x64-mingw32

DEPENDENCIES
  cinch
  httparty

BUNDLED WITH
   1.17.1
